GEM
  remote: https://rubygems.org/
  specs:
    activesupport (3.2.13)
      i18n (= 0.6.1)
      multi_json (~> 1.0)
    diff-lcs (1.2.4)
    httpclient (2.3.3)
    i18n (0.6.1)
    json (1.8.0)
    libgss (0.3.0)
      httpclient
      json
      oauth
    multi_json (1.7.3)
    oauth (0.4.7)
    rspec (2.13.0)
      rspec-core (~> 2.13.0)
      rspec-expectations (~> 2.13.0)
      rspec-mocks (~> 2.13.0)
    rspec-core (2.13.1)
    rspec-expectations (2.13.0)
      diff-lcs (>= 1.1.3, < 2.0)
    rspec-mocks (2.13.1)
    tengine_support (1.2.0)
      activesupport (>= 3.0.0)

PLATFORMS
  ruby

DEPENDENCIES
  libgss (~> 0.3.0)
  rspec
  tengine_support (~> 1.2.0)
