GEM
  remote: https://rubygems.org/
  specs:
    diff-lcs (1.2.4)
    httpclient (2.3.3)
    json (1.8.0)
    libgss (0.3.0)
      httpclient
      json
      oauth
    oauth (0.4.7)
    rspec (2.13.0)
      rspec-core (~> 2.13.0)
      rspec-expectations (~> 2.13.0)
      rspec-mocks (~> 2.13.0)
    rspec-core (2.13.1)
    rspec-expectations (2.13.0)
      diff-lcs (>= 1.1.3, < 2.0)
    rspec-mocks (2.13.1)

PLATFORMS
  ruby

DEPENDENCIES
  libgss (~> 0.3.0)
  rspec
